GEM
  remote: https://rubygems.org/
  specs:
    activemodel (6.1.4.1)
      activesupport (= 6.1.4.1)
    activesupport (6.1.4.1)
      concurrent-ruby (~> 1.0, >= 1.0.2)
      i18n (>= 1.6, < 2)
      minitest (>= 5.1)
      tzinfo (~> 2.0)
      zeitwerk (~> 2.3)
    addressable (2.8.0)
      public_suffix (>= 2.0.2, < 5.0)
    ast (2.4.2)
    bcrypt (3.1.16)
    buftok (0.2.0)
    builder (3.2.4)
    byebug (11.1.3)
    capybara (3.35.3)
      addressable
      mini_mime (>= 0.1.3)
      nokogiri (~> 1.8)
      rack (>= 1.6.0)
      rack-test (>= 0.6.3)
      regexp_parser (>= 1.5, < 3.0)
      xpath (~> 3.2)
    clockwork (2.0.4)
      activesupport
      tzinfo
    coderay (1.1.3)
    concurrent-ruby (1.1.9)
    cucumber (7.0.0)
      builder (~> 3.2, >= 3.2.4)
      cucumber-core (~> 10.0, >= 10.0.1)
      cucumber-create-meta (~> 6.0, >= 6.0.1)
      cucumber-cucumber-expressions (~> 12.1, >= 12.1.1)
      cucumber-gherkin (~> 20.0, >= 20.0.1)
      cucumber-html-formatter (~> 16.0, >= 16.0.1)
      cucumber-messages (~> 17.0, >= 17.0.1)
      cucumber-wire (~> 6.0, >= 6.0.1)
      diff-lcs (~> 1.4, >= 1.4.4)
      mime-types (~> 3.3, >= 3.3.1)
      multi_test (~> 0.1, >= 0.1.2)
      sys-uname (~> 1.2, >= 1.2.2)
    cucumber-core (10.0.1)
      cucumber-gherkin (~> 20.0, >= 20.0.1)
      cucumber-messages (~> 17.0, >= 17.0.1)
      cucumber-tag-expressions (~> 3.0, >= 3.0.1)
    cucumber-create-meta (6.0.1)
      cucumber-messages (~> 17.0, >= 17.0.1)
      sys-uname (~> 1.2, >= 1.2.2)
    cucumber-cucumber-expressions (12.1.3)
    cucumber-gherkin (20.0.1)
      cucumber-messages (~> 17.0, >= 17.0.1)
    cucumber-html-formatter (16.0.1)
      cucumber-messages (~> 17.0, >= 17.0.1)
    cucumber-messages (17.1.1)
    cucumber-tag-expressions (3.0.1)
    cucumber-wire (6.1.1)
      cucumber-core (~> 10.0, >= 10.0.1)
      cucumber-cucumber-expressions (~> 12.1, >= 12.1.2)
      cucumber-messages (~> 17.0, >= 17.0.1)
    daemons (1.4.1)
    diff-lcs (1.4.4)
    docile (1.4.0)
    domain_name (0.5.20190701)
      unf (>= 0.0.5, < 1.0.0)
    equalizer (0.0.11)
    erubis (2.7.0)
    eventmachine (1.2.7)
    ffi (1.15.4)
    ffi-compiler (1.0.1)
      ffi (>= 1.0.0)
      rake
    formatador (0.3.0)
    guard (2.18.0)
      formatador (>= 0.2.4)
      listen (>= 2.7, < 4.0)
      lumberjack (>= 1.0.12, < 2.0)
      nenv (~> 0.1)
      notiffany (~> 0.0)
      pry (>= 0.13.0)
      shellany (~> 0.0)
      thor (>= 0.18.1)
    guard-compat (1.2.1)
    guard-rspec (4.7.3)
      guard (~> 2.1)
      guard-compat (~> 1.1)
      rspec (>= 2.99.0, < 4.0)
    http (4.4.1)
      addressable (~> 2.3)
      http-cookie (~> 1.0)
      http-form_data (~> 2.2)
      http-parser (~> 1.2.0)
    http-cookie (1.0.4)
      domain_name (~> 0.5)
    http-form_data (2.3.0)
    http-parser (1.2.3)
      ffi-compiler (>= 1.0, < 2.0)
    http_parser.rb (0.6.0)
    i18n (1.8.10)
      concurrent-ruby (~> 1.0)
    json (2.5.1)
    libv8 (3.16.14.19)
    listen (3.7.0)
      rb-fsevent (~> 0.10, >= 0.10.3)
      rb-inotify (~> 0.9, >= 0.9.10)
    lumberjack (1.2.8)
    mail (2.7.1)
      mini_mime (>= 0.1.1)
    memoizable (0.4.2)
      thread_safe (~> 0.3, >= 0.3.1)
    method_source (1.0.0)
    mime-types (3.3.1)
      mime-types-data (~> 3.2015)
    mime-types-data (3.2021.0901)
    mini_mime (1.1.1)
    mini_portile2 (2.6.1)
    minitest (5.14.4)
    moneta (1.1.1)
    multi_test (0.1.2)
    multipart-post (2.1.1)
    mustermann (1.1.1)
      ruby2_keywords (~> 0.0.1)
    naught (1.1.0)
    nenv (0.3.0)
    nokogiri (1.12.4)
      mini_portile2 (~> 2.6.1)
      racc (~> 1.4)
    notiffany (0.1.3)
      nenv (~> 0.1)
      shellany (~> 0.0)
    padrino (0.15.1)
      padrino-admin (= 0.15.1)
      padrino-cache (= 0.15.1)
      padrino-core (= 0.15.1)
      padrino-gen (= 0.15.1)
      padrino-helpers (= 0.15.1)
      padrino-mailer (= 0.15.1)
      padrino-support (= 0.15.1)
    padrino-admin (0.15.1)
      padrino-core (= 0.15.1)
      padrino-helpers (= 0.15.1)
    padrino-cache (0.15.1)
      moneta (~> 1.1.0)
      padrino-core (= 0.15.1)
      padrino-helpers (= 0.15.1)
    padrino-core (0.15.1)
      padrino-support (= 0.15.1)
      sinatra (>= 2.0.0)
      thor (~> 1.0)
    padrino-gen (0.15.1)
      bundler (>= 1.0, < 3)
      padrino-core (= 0.15.1)
    padrino-helpers (0.15.1)
      i18n (>= 0.6.7, < 2)
      padrino-support (= 0.15.1)
      tilt (>= 1.4.1, < 3)
    padrino-mailer (0.15.1)
      mail (~> 2.5)
      mime-types (< 4)
      padrino-core (= 0.15.1)
    padrino-support (0.15.1)
    parallel (1.21.0)
    parser (3.0.2.0)
      ast (~> 2.4.1)
    pg (0.21.0)
    pry (0.14.1)
      coderay (~> 1.1)
      method_source (~> 1.0)
    public_suffix (4.0.6)
    racc (1.5.2)
    rack (2.2.3)
    rack-protection (2.1.0)
      rack
    rack-test (1.1.0)
      rack (>= 1.0, < 3)
    rainbow (3.0.0)
    rake (13.0.6)
    rb-fsevent (0.11.0)
    rb-inotify (0.10.1)
      ffi (~> 1.0)
    ref (2.0.0)
    regexp_parser (2.1.1)
    rexml (3.2.5)
    rspec (3.10.0)
      rspec-core (~> 3.10.0)
      rspec-expectations (~> 3.10.0)
      rspec-mocks (~> 3.10.0)
    rspec-core (3.10.1)
      rspec-support (~> 3.10.0)
    rspec-expectations (3.10.1)
      diff-lcs (>= 1.2.0, < 2.0)
      rspec-support (~> 3.10.0)
    rspec-mocks (3.10.2)
      diff-lcs (>= 1.2.0, < 2.0)
      rspec-support (~> 3.10.0)
    rspec-support (3.10.2)
    rspec_junit_formatter (0.4.1)
      rspec-core (>= 2, < 4, != 2.12.0)
    rubocop (1.21.0)
      parallel (~> 1.10)
      parser (>= 3.0.0.0)
      rainbow (>= 2.2.2, < 4.0)
      regexp_parser (>= 1.8, < 3.0)
      rexml
      rubocop-ast (>= 1.9.1, < 2.0)
      ruby-progressbar (~> 1.7)
      unicode-display_width (>= 1.4.0, < 3.0)
    rubocop-ast (1.11.0)
      parser (>= 3.0.1.1)
    rubocop-rspec (2.5.0)
      rubocop (~> 1.19)
    ruby-progressbar (1.11.0)
    ruby2_keywords (0.0.5)
    sequel (5.48.0)
    shellany (0.0.1)
    simple_oauth (0.3.1)
    simplecov (0.21.2)
      docile (~> 1.1)
      simplecov-html (~> 0.11)
      simplecov_json_formatter (~> 0.1)
    simplecov-html (0.12.3)
    simplecov_json_formatter (0.1.3)
    sinatra (2.1.0)
      mustermann (~> 1.0)
      rack (~> 2.2)
      rack-protection (= 2.1.0)
      tilt (~> 2.0)
    sys-uname (1.2.2)
      ffi (~> 1.1)
    therubyracer (0.12.3)
      libv8 (~> 3.16.14.15)
      ref
    thin (1.8.1)
      daemons (~> 1.0, >= 1.0.9)
      eventmachine (~> 1.0, >= 1.0.4)
      rack (>= 1, < 3)
    thor (1.1.0)
    thread_safe (0.3.6)
    tilt (2.0.10)
    twitter (7.0.0)
      addressable (~> 2.3)
      buftok (~> 0.2.0)
      equalizer (~> 0.0.11)
      http (~> 4.0)
      http-form_data (~> 2.0)
      http_parser.rb (~> 0.6.0)
      memoizable (~> 0.4.0)
      multipart-post (~> 2.0)
      naught (~> 1.0)
      simple_oauth (~> 0.3.0)
    tzinfo (2.0.4)
      concurrent-ruby (~> 1.0)
    unf (0.1.4)
      unf_ext
    unf_ext (0.0.8)
    unicode-display_width (2.1.0)
    xpath (3.2.0)
      nokogiri (~> 1.8)
    zeitwerk (2.4.2)

PLATFORMS
  ruby

DEPENDENCIES
  activemodel
  bcrypt
  byebug
  capybara
  clockwork
  cucumber
  erubis (~> 2.7.0)
  guard
  guard-rspec
  json
  padrino (~> 0.14)
  pg (~> 0.18)
  rack-test
  rake
  rspec
  rspec_junit_formatter
  rubocop
  rubocop-rspec
  sequel
  simplecov
  therubyracer
  thin
  twitter

RUBY VERSION
   ruby 2.7.5p203

BUNDLED WITH
   2.2.6
